GEM
  remote: https://rubygems.org/
  specs:
    nio4r (2.5.8)
    puma (5.6.4)
      nio4r (~> 2.0)
    rack (2.2.3.1)

PLATFORMS
  x86_64-darwin-20
  x86_64-linux

DEPENDENCIES
  puma
  rack

BUNDLED WITH
   2.2.15
